PATH
  remote: .
  specs:
    fir-cli (1.5.0)
      CFPropertyList (~> 2.3)
      rest-client (~> 1.7)
      rqrcode (~> 0.7)
      ruby_android (~> 0.7)
      thor (~> 0.19)

GEM
  remote: https://ruby.taobao.org/
  specs:
    CFPropertyList (2.3.3)
    chunky_png (1.3.8)
    codeclimate-test-reporter (1.0.3)
      simplecov
    coderay (1.1.1)
    docile (1.1.5)
    domain_name (0.5.20161021)
      unf (>= 0.0.5, < 1.0.0)
    http-cookie (1.0.3)
      domain_name (~> 0.5)
    json (2.0.2)
    method_source (0.8.2)
    mime-types (2.99.3)
    minitest (5.9.1)
    netrc (0.11.0)
    pry (0.10.4)
      coderay (~> 1.1.0)
      method_source (~> 0.8.1)
      slop (~> 3.4)
    rake (10.5.0)
    rest-client (1.8.0)
      http-cookie (>= 1.0.2, < 2.0)
      mime-types (>= 1.16, < 3.0)
      netrc (~> 0.7)
    rqrcode (0.10.1)
      chunky_png (~> 1.0)
    ruby_android (0.7.7)
      rubyzip (>= 1.1.6)
    rubyzip (1.2.0)
    simplecov (0.12.0)
      docile (~> 1.1.0)
      json (>= 1.8, < 3)
      simplecov-html (~> 0.10.0)
    simplecov-html (0.10.0)
    slop (3.6.0)
    thor (0.19.1)
    unf (0.1.4)
      unf_ext
    unf_ext (0.0.7.2)

PLATFORMS
  ruby

DEPENDENCIES
  bundler (~> 1.7)
  codeclimate-test-reporter
  fir-cli!
  minitest (~> 5.7)
  pry (~> 0.10)
  rake (~> 10.0)

BUNDLED WITH
   1.12.5
